GEM
  remote: https://rubygems.org/
  specs:
    activesupport (7.0.4)
      concurrent-ruby (~> 1.0, >= 1.0.2)
      i18n (>= 1.6, < 2)
      minitest (>= 5.1)
      tzinfo (~> 2.0)
    concurrent-ruby (1.1.10)
    i18n (1.12.0)
      concurrent-ruby (~> 1.0)
    interval_set (0.2.3)
      treemap-fork (~> 1.0, >= 1.0.4.2)
    minitest (5.16.3)
    pairing_heap (1.0.0)
    parallel (1.22.1)
    rexml (3.2.5)
    rgl (0.5.9)
      pairing_heap (>= 0.3.0)
      rexml (~> 3.2, >= 3.2.4)
      stream (~> 0.5.3)
    scanf (1.0.0)
    stream (0.5.5)
    treemap-fork (1.0.4.2)
    tzinfo (2.0.5)
      concurrent-ruby (~> 1.0)

PLATFORMS
  arm64-darwin-21
  arm64-darwin-23

DEPENDENCIES
  activesupport (= 7.0.4)
  interval_set (~> 0.2.3)
  parallel (~> 1.22)
  rgl (~> 0.5.9)
  scanf (~> 1.0)

BUNDLED WITH
   2.3.22
